{
    "AcquisitionNumber": 1,
    "AcquisitionTime": "09:48:43.665000",
    "BrainVoyagerInfo": {
        "AcquisitionTime": "094843.665000",
        "CalculatedDicomSlice1CenterX": -2.488250970840454,
        "CalculatedDicomSlice1CenterY": -41.6412353515625,
        "CalculatedDicomSlice1CenterZ": -85.27835845947266,
        "CalculatedDicomSliceNCenterX": 1.8804601430892944,
        "CalculatedDicomSliceNCenterY": 26.292598724365234,
        "CalculatedDicomSliceNCenterZ": 22.52775764465332,
        "CoordinateSystem": 1,
        "DataStorageFormat": 2,
        "DataType": 2,
        "DicomColDirX": 0,
        "DicomColDirY": 0.8460349440574646,
        "DicomColDirZ": -0.5331274271011353,
        "DicomFoVCols": 210,
        "DicomFoVRows": 210,
        "DicomGapThickness": 0,
        "DicomNCols": 84,
        "DicomNRows": 84,
        "DicomPosInfoPresent": 1,
        "DicomRowDirX": 0.9994127750396729,
        "DicomRowDirY": -0.01826724037528038,
        "DicomRowDirZ": -0.0289889108389616,
        "DicomSliceThickness": 2.5,
        "DocumentType": "FMR",
        "MultiBandSequence": true,
        "NrOfPastSpatialTransformations": 0,
        "NrOfPreprocessingSteps": 0,
        "NrOfSkippedVolumes": 0,
        "Protocol": {
            "Conditions": [
                {
                    "ColorB": 255,
                    "ColorG": 163,
                    "ColorR": 255,
                    "IntervalsFrom": [
                        53,
                        61,
                        69,
                        81,
                        133,
                        137,
                        205,
                        257
                    ],
                    "IntervalsTo": [
                        53,
                        61,
                        69,
                        81,
                        133,
                        137,
                        205,
                        257
                    ],
                    "Name": "Face_Left",
                    "NrOfIntervals": 8
                },
                {
                    "ColorB": 255,
                    "ColorG": 0,
                    "ColorR": 255,
                    "IntervalsFrom": [
                        37,
                        93,
                        117,
                        169,
                        193,
                        201,
                        249,
                        261
                    ],
                    "IntervalsTo": [
                        37,
                        93,
                        117,
                        169,
                        193,
                        201,
                        249,
                        261
                    ],
                    "Name": "Face_Center",
                    "NrOfIntervals": 8
                },
                {
                    "ColorB": 95,
                    "ColorG": 2,
                    "ColorR": 187,
                    "IntervalsFrom": [
                        25,
                        41,
                        49,
                        109,
                        113,
                        209,
                        233,
                        237
                    ],
                    "IntervalsTo": [
                        25,
                        41,
                        49,
                        109,
                        113,
                        209,
                        233,
                        237
                    ],
                    "Name": "Face_Right",
                    "NrOfIntervals": 8
                },
                {
                    "ColorB": 126,
                    "ColorG": 255,
                    "ColorR": 126,
                    "IntervalsFrom": [
                        17,
                        21,
                        85,
                        101,
                        125,
                        129,
                        145,
                        153,
                        241,
                        253
                    ],
                    "IntervalsTo": [
                        17,
                        21,
                        85,
                        101,
                        125,
                        129,
                        145,
                        153,
                        241,
                        253
                    ],
                    "Name": "Hand_Left",
                    "NrOfIntervals": 10
                },
                {
                    "ColorB": 0,
                    "ColorG": 199,
                    "ColorR": 0,
                    "IntervalsFrom": [
                        33,
                        45,
                        73,
                        97,
                        157,
                        177,
                        185,
                        189,
                        225
                    ],
                    "IntervalsTo": [
                        33,
                        45,
                        73,
                        97,
                        157,
                        177,
                        185,
                        189,
                        225
                    ],
                    "Name": "Hand_Center",
                    "NrOfIntervals": 9
                },
                {
                    "ColorB": 0,
                    "ColorG": 86,
                    "ColorR": 0,
                    "IntervalsFrom": [
                        65,
                        121,
                        149,
                        165,
                        181,
                        213,
                        221,
                        229
                    ],
                    "IntervalsTo": [
                        65,
                        121,
                        149,
                        165,
                        181,
                        213,
                        221,
                        229
                    ],
                    "Name": "Hand_Right",
                    "NrOfIntervals": 8
                }
            ],
            "FileName": "sub-25_ses-01_MainExp_run-5.prt",
            "Name": "newbi4fmri_VAR7_Prosopagnosia",
            "NrOfConditions": 6,
            "TimeCourseColors": {
                "RefTCPenThick": 3,
                "RefTimeCourseB": 80,
                "RefTimeCourseG": 0,
                "RefTimeCourseR": 0,
                "TCBackColorB": 0,
                "TCBackColorG": 0,
                "TCBackColorR": 0,
                "TCPenThick": 3,
                "TCTextColorB": 255,
                "TCTextColorG": 255,
                "TCTextColorR": 255,
                "TimeCourseB": 255,
                "TimeCourseG": 255,
                "TimeCourseR": 255
            },
            "TimeResolution": "Volumes"
        },
        "SliceAcquisitionOrder": 5,
        "SliceAcquisitionOrderVerified": true,
        "SliceGap": 0,
        "SliceThickness": 2.5,
        "SliceTimingTable": [
            0,
            0.5275,
            0.075,
            0.6025,
            0.15,
            0.6775,
            0.225,
            0.7525,
            0.3,
            0.8275,
            0.375,
            0.9025,
            0.45,
            0,
            0.5275,
            0.075,
            0.6025,
            0.15,
            0.6775,
            0.225,
            0.7525,
            0.3,
            0.8275,
            0.375,
            0.9025,
            0.45,
            0,
            0.5275,
            0.075,
            0.6025,
            0.15,
            0.6775,
            0.225,
            0.7525,
            0.3,
            0.8275,
            0.375,
            0.9025,
            0.45,
            0,
            0.5275,
            0.075,
            0.6025,
            0.15,
            0.6775,
            0.225,
            0.7525,
            0.3,
            0.8275,
            0.375,
            0.9025,
            0.45
        ],
        "SliceTimingTableSize": 52,
        "TE": 0.028,
        "TR": 1,
        "TimeResolutionVerified": true,
        "Version": 1,
        "VoxelResolutionVerified": true
    },
    "ConversionSoftware": "BrainVoyager",
    "ConversionSoftwareVersion": "21.4.5.4030",
    "ImageNumber": 1,
    "ImageOrientationPatientDICOM": [
        0.99941280309806,
        -0.0182672407026,
        -0.0289889103071,
        -5.9052762e-08,
        0.84603495531812,
        -0.5331274279006
    ],
    "ImagePositionPatientDICOM": [
        -840.74565382007,
        -735.93137136594,
        386.19671365742
    ],
    "ImageType": "ORIGINAL PRIMARY M MB ND NORM MOSAIC",
    "MagneticFieldStrength": 3,
    "Manufacturer": "SIEMENS",
    "ManufacturersModelName": "Prisma_fit",
    "Modality": "MR",
    "NrOfTemporalPositions": 0,
    "PatientPosition": "HFS",
    "RepetitionTime": 1,
    "SeriesDescription": "ep_mb4_2.5iso",
    "SeriesNumber": 9,
    "SiemensMosaicSliceAcqOrder": 3,
    "SiemensMosaicTE": 0.028,
    "SiemensMosaicTR": 1,
    "SliceThickness": 2.5,
    "SliceTiming": [
        0,
        0.5275,
        0.075,
        0.6025,
        0.15,
        0.6775,
        0.225,
        0.7525,
        0.3,
        0.8275,
        0.375,
        0.9025,
        0.45,
        0,
        0.5275,
        0.075,
        0.6025,
        0.15,
        0.6775,
        0.225,
        0.7525,
        0.3,
        0.8275,
        0.375,
        0.9025,
        0.45,
        0,
        0.5275,
        0.075,
        0.6025,
        0.15,
        0.6775,
        0.225,
        0.7525,
        0.3,
        0.8275,
        0.375,
        0.9025,
        0.45,
        0,
        0.5275,
        0.075,
        0.6025,
        0.15,
        0.6775,
        0.225,
        0.7525,
        0.3,
        0.8275,
        0.375,
        0.9025,
        0.45
    ],
    "StudyDescription": "newbi4fmri_VAR7_Prosopagnosia",
    "TaskName": "newbi4fmri_VAR7_Prosopagnosia"
}
