{
    "AcquisitionNumber": 1,
    "AcquisitionTime": "09:06:37",
    "BrainVoyagerInfo": {
        "CalculatedDicomSlice1CenterX": -86.48519897460938,
        "CalculatedDicomSlice1CenterY": -30.492435455322266,
        "CalculatedDicomSlice1CenterZ": -55.74884033203125,
        "CalculatedDicomSliceNCenterX": 88.38581085205078,
        "CalculatedDicomSliceNCenterY": -23.77457046508789,
        "CalculatedDicomSliceNCenterZ": -55.74884033203125,
        "CoordinateSystem": 1,
        "DicomColDirX": 0,
        "DicomColDirY": 0,
        "DicomColDirZ": -1,
        "DicomFoVCols": 256,
        "DicomFoVRows": 232,
        "DicomGapThickness": 0,
        "DicomNCols": 232,
        "DicomNRows": 256,
        "DicomPosInfoPresent": 1,
        "DicomRowDirX": -0.03838779032230377,
        "DicomRowDirY": 0.9992629289627075,
        "DicomRowDirZ": 0,
        "DicomSliceThickness": 1,
        "DocumentType": "VMR",
        "FramingCubeDim": 256,
        "MagnetPosInfosVerified": 1,
        "NrOfPastSpatialTransformations": 0,
        "NrOfPreprocessingSteps": 0,
        "OffsetX": 0,
        "OffsetY": 0,
        "OffsetZ": 0,
        "ReferenceSpace": "Native",
        "Version": 1
    },
    "ConversionSoftware": "BrainVoyager",
    "ConversionSoftwareVersion": "21.4.5.4030",
    "ImageNumber": 176,
    "ImageOrientationPatientDICOM": [
        -0.0383877919052,
        0.9992629170707,
        0,
        0,
        0,
        -1
    ],
    "ImagePositionPatientDICOM": [
        92.819601751751,
        -139.18943957433,
        71.751163482666
    ],
    "ImageType": "ORIGINAL PRIMARY M ND NORM",
    "MagneticFieldStrength": 3,
    "Manufacturer": "SIEMENS",
    "ManufacturersModelName": "Prisma_fit",
    "Modality": "MR",
    "PatientPosition": "HFS",
    "RepetitionTime": 2.3,
    "SeriesDescription": "mprage_sag_p2",
    "SeriesNumber": 2,
    "SliceThickness": 1,
    "StudyDescription": "Culham^Psych_9223"
}
